GEM
  remote: https://rubygems.org/
  specs:
    Ascii85 (2.0.1)
    afm (0.2.2)
    ansi (1.5.0)
    bigdecimal (3.2.1)
    builder (3.3.0)
    date (3.4.1)
    debug (1.11.0)
      irb (~> 1.10)
      reline (>= 0.3.8)
    erb (5.1.1)
    hashery (2.1.2)
    iconv (1.1.0)
    io-console (0.8.1)
    irb (1.15.2)
      pp (>= 0.6.0)
      rdoc (>= 4.0.0)
      reline (>= 0.4.2)
    minitest (5.25.5)
    minitest-reporters (1.7.1)
      ansi
      builder
      minitest (>= 5.0)
      ruby-progressbar
    pastel (0.8.0)
      tty-color (~> 0.5)
    pdf-reader (2.14.1)
      Ascii85 (>= 1.0, < 3.0, != 2.0.0)
      afm (~> 0.2.1)
      hashery (~> 2.0)
      ruby-rc4
      ttfunk
    pdftoimage (0.2.1)
      iconv (~> 1.0)
      shellwords (~> 0.2.2)
    pp (0.6.3)
      prettyprint
    prettyprint (0.2.0)
    psych (5.2.6)
      date
      stringio
    rake (13.3.0)
    rdoc (6.15.0)
      erb
      psych (>= 4.0.0)
      tsort
    reline (0.6.2)
      io-console (~> 0.5)
    rtesseract (3.1.4)
    ruby-progressbar (1.13.0)
    ruby-rc4 (0.1.5)
    shellwords (0.2.2)
    stringio (3.1.7)
    tsort (0.2.0)
    ttfunk (1.8.0)
      bigdecimal (~> 3.1)
    tty-color (0.6.0)
    tty-cursor (0.7.1)
    tty-prompt (0.23.1)
      pastel (~> 0.8)
      tty-reader (~> 0.8)
    tty-reader (0.9.0)
      tty-cursor (~> 0.7)
      tty-screen (~> 0.8)
      wisper (~> 2.0)
    tty-screen (0.8.2)
    wisper (2.0.1)

PLATFORMS
  ruby
  x86_64-linux

DEPENDENCIES
  debug
  minitest
  minitest-reporters
  pdf-reader
  pdftoimage
  rake
  rtesseract
  tty-prompt

BUNDLED WITH
   2.6.2
